GEM
  remote: http://rubygems.org/
  specs:
    oauth (0.4.4)

PLATFORMS
  ruby

DEPENDENCIES
  oauth (= 0.4.4)
